PATH
  remote: .
  specs:
    simple_token_generator (0.2.0)

GEM
  remote: https://rubygems.org/
  specs:
    minitest (5.11.3)
    rake (13.0.1)

PLATFORMS
  ruby

DEPENDENCIES
  bundler (~> 2.0)
  minitest (~> 5.0)
  rake (~> 13.0)
  simple_token_generator!

BUNDLED WITH
   2.0.1
